PATH
  remote: .
  specs:
    foodcritic (0.3.0)
      chef (~> 0.10.4)
      nokogiri (~> 1.5.0)
      xml-simple (~> 1.1.1)

GEM
  remote: http://rubygems.org/
  specs:
    aruba (0.4.8)
      childprocess (>= 0.2.3)
      cucumber (>= 1.1.1)
      ffi (= 1.0.11)
      rspec (>= 2.7.0)
    builder (3.0.0)
    bunny (0.7.8)
    chef (0.10.4)
      bunny (>= 0.6.0)
      erubis
      highline
      json (>= 1.4.4, <= 1.5.2)
      mixlib-authentication (>= 1.1.0)
      mixlib-cli (>= 1.1.0)
      mixlib-config (>= 1.1.2)
      mixlib-log (>= 1.3.0)
      moneta
      net-ssh (~> 2.1.3)
      net-ssh-multi (~> 1.1.0)
      ohai (>= 0.6.0)
      rest-client (>= 1.0.4, < 1.7.0)
      treetop (~> 1.4.9)
      uuidtools
    childprocess (0.2.3)
      ffi (~> 1.0.6)
    cucumber (1.1.3)
      builder (>= 2.1.2)
      diff-lcs (>= 1.1.2)
      gherkin (~> 2.6.7)
      json (>= 1.4.6)
      term-ansicolor (>= 1.0.6)
    diff-lcs (1.1.3)
    erubis (2.7.0)
    ffi (1.0.11)
    gherkin (2.6.9)
      json (>= 1.4.6)
    guard (0.8.8)
      thor (~> 0.14.6)
    guard-cucumber (0.7.4)
      cucumber (>= 0.10)
      guard (>= 0.8.3)
    highline (1.6.8)
    json (1.5.2)
    mime-types (1.17.2)
    mixlib-authentication (1.1.4)
      mixlib-log
    mixlib-cli (1.2.2)
    mixlib-config (1.1.2)
    mixlib-log (1.3.0)
    moneta (0.6.0)
    multi_json (1.0.4)
    net-ssh (2.1.4)
    net-ssh-gateway (1.1.0)
      net-ssh (>= 1.99.1)
    net-ssh-multi (1.1)
      net-ssh (>= 2.1.4)
      net-ssh-gateway (>= 0.99.0)
    nokogiri (1.5.0)
    ohai (0.6.10)
      mixlib-cli
      mixlib-config
      mixlib-log
      systemu (~> 2.2.0)
      yajl-ruby
    polyglot (0.3.3)
    rake (0.9.2.2)
    rdiscount (1.6.8)
    rest-client (1.6.7)
      mime-types (>= 1.16)
    rspec (2.7.0)
      rspec-core (~> 2.7.0)
      rspec-expectations (~> 2.7.0)
      rspec-mocks (~> 2.7.0)
    rspec-core (2.7.1)
    rspec-expectations (2.7.0)
      diff-lcs (~> 1.1.2)
    rspec-mocks (2.7.0)
    simplecov (0.5.4)
      multi_json (~> 1.0.3)
      simplecov-html (~> 0.5.3)
    simplecov-html (0.5.3)
    systemu (2.2.0)
    term-ansicolor (1.0.7)
    thor (0.14.6)
    treetop (1.4.10)
      polyglot
      polyglot (>= 0.3.1)
    uuidtools (2.1.2)
    xml-simple (1.1.1)
    yajl-ruby (1.1.0)
    yard (0.7.4)

PLATFORMS
  ruby

DEPENDENCIES
  aruba (~> 0.4.7)
  cucumber (~> 1.1.3)
  foodcritic!
  guard (~> 0.8.8)
  guard-cucumber (~> 0.7.4)
  rake (~> 0.9.2.2)
  rdiscount (~> 1.6.8)
  simplecov (~> 0.5.4)
  yard (~> 0.7.3)
